PATH
  remote: .
  specs:
    cowtech-extensions (1.4.2)
      active_support

GEM
  remote: http://rubygems.org/
  specs:
    active_support (3.0.0)
      activesupport (= 3.0.0)
    activesupport (3.0.0)

PLATFORMS
  ruby

DEPENDENCIES
  cowtech-extensions!
