PATH
  remote: .
  specs:
    lazier (2.5.0)
      actionpack (>= 3.2.11)
      json (~> 1.7.6)
      r18n-desktop (~> 1.1.3)
      tzinfo (~> 0.3.35)

GEM
  remote: http://rubygems.org/
  specs:
    actionpack (3.2.11)
      activemodel (= 3.2.11)
      activesupport (= 3.2.11)
      builder (~> 3.0.0)
      erubis (~> 2.7.0)
      journey (~> 1.0.4)
      rack (~> 1.4.0)
      rack-cache (~> 1.2)
      rack-test (~> 0.6.1)
      sprockets (~> 2.2.1)
    activemodel (3.2.11)
      activesupport (= 3.2.11)
      builder (~> 3.0.0)
    activesupport (3.2.11)
      i18n (~> 0.6)
      multi_json (~> 1.0)
    builder (3.0.4)
    coderay (1.0.8)
    diff-lcs (1.1.3)
    erubis (2.7.0)
    github-markup (0.7.5)
    hike (1.2.1)
    i18n (0.6.1)
    journey (1.0.4)
    json (1.7.6)
    method_source (0.8.1)
    multi_json (1.5.0)
    pry (0.9.11.4)
      coderay (~> 1.0.5)
      method_source (~> 0.8)
      slop (~> 3.4)
    r18n-core (1.1.3)
    r18n-desktop (1.1.3)
      r18n-core (= 1.1.3)
    rack (1.4.4)
    rack-cache (1.2)
      rack (>= 0.4)
    rack-test (0.6.2)
      rack (>= 1.0)
    rake (10.0.3)
    redcarpet (2.2.2)
    rspec (2.12.0)
      rspec-core (~> 2.12.0)
      rspec-expectations (~> 2.12.0)
      rspec-mocks (~> 2.12.0)
    rspec-core (2.12.2)
    rspec-expectations (2.12.1)
      diff-lcs (~> 1.1.3)
    rspec-mocks (2.12.2)
    simplecov (0.7.1)
      multi_json (~> 1.0)
      simplecov-html (~> 0.7.1)
    simplecov-html (0.7.1)
    slop (3.4.3)
    sprockets (2.2.2)
      hike (~> 1.2)
      multi_json (~> 1.0)
      rack (~> 1.0)
      tilt (~> 1.1, != 1.3.0)
    tilt (1.3.3)
    tzinfo (0.3.35)
    yard (0.8.3)

PLATFORMS
  ruby

DEPENDENCIES
  github-markup (~> 0.7.5)
  lazier!
  pry
  rake (~> 10.0.3)
  redcarpet (~> 2.2.2)
  rspec (~> 2.12.0)
  simplecov (~> 0.7.1)
  yard (~> 0.8.3)
